PATH
  remote: ../contracts-gen
  specs:
    contracts-gen (0.1.0)
      faker (~> 1.9.6)
      gen-test (~> 0.1.0)

PATH
  remote: ../gen-test
  specs:
    gen-test (0.1.0)
      faker (~> 1.9.6)
      regexp-examples (~> 1.5.0)

PATH
  remote: .
  specs:
    contracts-stringy (0.1.0)
      contracts (~> 0.16.0)
      contracts-gen (~> 0.1.0)
      faker (~> 1.9.6)
      gen-test (~> 0.1.0)

GEM
  remote: https://rubygems.org/
  specs:
    concurrent-ruby (1.1.5)
    contracts (0.16.0)
    diff-lcs (1.3)
    faker (1.9.6)
      i18n (>= 0.7)
    i18n (1.6.0)
      concurrent-ruby (~> 1.0)
    rake (10.5.0)
    regexp-examples (1.5.0)
    rspec (3.8.0)
      rspec-core (~> 3.8.0)
      rspec-expectations (~> 3.8.0)
      rspec-mocks (~> 3.8.0)
    rspec-core (3.8.2)
      rspec-support (~> 3.8.0)
    rspec-expectations (3.8.4)
      diff-lcs (>= 1.2.0, < 2.0)
      rspec-support (~> 3.8.0)
    rspec-mocks (3.8.1)
      diff-lcs (>= 1.2.0, < 2.0)
      rspec-support (~> 3.8.0)
    rspec-support (3.8.2)

PLATFORMS
  ruby

DEPENDENCIES
  bundler (~> 2.0)
  contracts-gen!
  contracts-stringy!
  gen-test!
  rake (~> 10.0)
  rspec (~> 3.0)

BUNDLED WITH
   2.0.2
